PATH
  remote: .
  specs:
    voxel_hapi (1.1.1)
      bundler (~> 1.0.0)
      libxml-ruby (~> 1.1.3)
      rescue_me (~> 0.1.0)
      xml-simple (~> 1.0.12)

GEM
  remote: http://rubygems.org/
  specs:
    diff-lcs (1.1.2)
    libxml-ruby (1.1.4)
    rescue_me (0.1.0)
    rspec (2.0.0.beta.22)
      rspec-core (= 2.0.0.beta.22)
      rspec-expectations (= 2.0.0.beta.22)
      rspec-mocks (= 2.0.0.beta.22)
    rspec-core (2.0.0.beta.22)
    rspec-expectations (2.0.0.beta.22)
      diff-lcs (>= 1.1.2)
    rspec-mocks (2.0.0.beta.22)
      rspec-core (= 2.0.0.beta.22)
      rspec-expectations (= 2.0.0.beta.22)
    xml-simple (1.0.12)

PLATFORMS
  ruby

DEPENDENCIES
  bundler (~> 1.0.0)
  libxml-ruby (~> 1.1.3)
  rescue_me (~> 0.1.0)
  rspec (~> 2.0.0.beta.20)
  voxel_hapi!
  xml-simple (~> 1.0.12)
