PATH
  remote: .
  specs:
    voxel_hapi (1.1.1)
      libxml-ruby (~> 2.7)
      rescue_me (~> 0.1)
      xml-simple (~> 1.1)

GEM
  remote: http://rubygems.org/
  specs:
    diff-lcs (1.1.2)
    libxml-ruby (2.7.0)
    rake (0.9.2)
    rescue_me (0.1.3)
    rspec (2.6.0)
      rspec-core (~> 2.6.0)
      rspec-expectations (~> 2.6.0)
      rspec-mocks (~> 2.6.0)
    rspec-core (2.6.4)
    rspec-expectations (2.6.0)
      diff-lcs (~> 1.1.2)
    rspec-mocks (2.6.0)
    xml-simple (1.1.2)

PLATFORMS
  ruby

DEPENDENCIES
  bundler (>= 1.0.0)
  rake
  rspec (>= 2.0.0)
  voxel_hapi!
